GEM
  remote: https://rubygems.org/
  specs:
    git (1.3.0)
    highline (1.7.8)
    jasmine (2.6.0)
      jasmine-core (>= 2.6.0, < 3.0.0)
      phantomjs
      rack (>= 1.2.1)
      rake
    jasmine-core (2.6.2)
    jslint_on_rails (1.1.1)
    options (2.3.2)
    phantomjs (2.1.1.0)
    progress_bar (1.1.0)
      highline (~> 1.6)
      options (~> 2.3.0)
    rack (2.0.3)
    rainbow (2.2.2)
      rake
    rake (12.0.0)
    syntaxer (0.5.1)
      git
      highline
      jslint_on_rails (>= 1.0.6)
      progress_bar
      rainbow

PLATFORMS
  ruby

DEPENDENCIES
  jasmine
  syntaxer

BUNDLED WITH
   1.14.6
